GEM
  remote: http://rubygems.org/
  specs:
    activemodel (3.2.13)
      activesupport (= 3.2.13)
      builder (~> 3.0.0)
    activesupport (3.2.13)
      i18n (= 0.6.1)
      multi_json (~> 1.0)
    bson (1.8.5)
    builder (3.0.4)
    database_cleaner (0.8.0)
    diff-lcs (1.1.3)
    git (1.2.5)
    i18n (0.6.1)
    jeweler (1.6.4)
      bundler (~> 1.0)
      git (>= 1.2.5)
      rake
    json (1.7.4)
    mongo (1.8.5)
      bson (~> 1.8.5)
    mongoid (2.7.1)
      activemodel (~> 3.1)
      mongo (~> 1.8)
      tzinfo (~> 0.3.22)
    multi_json (1.3.6)
    rake (0.9.2.2)
    rdoc (3.12)
      json (~> 1.4)
    rspec (2.11.0)
      rspec-core (~> 2.11.0)
      rspec-expectations (~> 2.11.0)
      rspec-mocks (~> 2.11.0)
    rspec-core (2.11.1)
    rspec-expectations (2.11.2)
      diff-lcs (~> 1.1.3)
    rspec-mocks (2.11.1)
    simplecov (0.6.4)
      multi_json (~> 1.0)
      simplecov-html (~> 0.5.3)
    simplecov-html (0.5.3)
    tzinfo (0.3.37)

PLATFORMS
  ruby

DEPENDENCIES
  bundler
  database_cleaner
  jeweler (>= 1.6.2)
  mongoid (~> 2.4)
  rdoc
  rspec (>= 2.0.0)
  simplecov (>= 0.4.0)
